PATH
  remote: .
  specs:
    nesta-plugin-search (0.1.2)
      ferret (>= 0.11.6)

GEM
  remote: http://rubygems.org/
  specs:
    ferret (0.11.8.5)

PLATFORMS
  ruby

DEPENDENCIES
  nesta-plugin-search!
